GEM
  remote: https://rubygems.org/
  specs:
    highline (2.0.2)
    options (2.3.2)
    progress_bar (1.3.0)
      highline (>= 1.6, < 3)
      options (~> 2.3.0)

PLATFORMS
  ruby

DEPENDENCIES
  progress_bar

BUNDLED WITH
   2.0.1
